{
    "DCOffsetCorrection": "n/a",
    "ECGChannelCount": 4,
    "ECOGChannelCount": 20,
    "EEGChannelCount": 0,
    "EMGChannelCount": 0,
    "EOGChannelCount": 0,
    "ElectricalStimulation":false,
    "ElectrodeManufacturer": "AD-TECH",
    "ElectrodeManufacturersModelName": "Spencer Probe",
    "HardwareFilters": "n/a",
    "InstitutionName": "UC San Diego Health",
    "Instructions": "",
    "Manufacturer": "Natus",
    "ManufacturersModelName": "Quantum",
    "MiscChannelCount": 1,
    "PowerLineFrequency": 60,
    "RecordingDuration": 3262.75,
    "RecordingType": "continuous",
    "SEEGChannelCount": 156,
    "SamplingFrequency": 1024.0,
    "SoftwareFilters": {"Lowpass": 
        {"half-amplitude cutoff (Hz)": 512.0}
    },
    "SoftwareVersions": "NeuroWorks",
    "TaskDescription": "Participant passively listens to 30-45s passages of conversational speech and     verbally answers a 2AC content question after each     passage. 6 blocks with 7 passages per block.",
    "TaskName": "PassiveListen",
    "TriggerChannelCount": 0,
    "iEEGGround": "scalp electrode, not included with data",
    "iEEGPlacementScheme": "5 depth with 16 contacts each, 1 depth with 14 contacts, 1 depth with 10 contacts, 2 depth with 8 contacts, 4 depth with 6 contacts, 3 depth with 4 contacts",
    "iEEGReference": "scalp electrode, not included with data"
}