{
    "DCOffsetCorrection": "n/a",
    "ECGChannelCount": 2,
    "ECOGChannelCount": 0,
    "EEGChannelCount": 0,
    "EMGChannelCount": 0,
    "EOGChannelCount": 0,
    "ElectricalStimulation":false,
    "ElectrodeManufacturer": "AD-TECH",
    "ElectrodeManufacturersModelName": "Spencer Probe",
    "HardwareFilters": "n/a",
    "InstitutionName": "UC San Diego Health",
    "Instructions": "",
    "Manufacturer": "Natus",
    "ManufacturersModelName": "Quantum",
    "MiscChannelCount": 1,
    "PowerLineFrequency": 60,
    "RecordingDuration": 3791.0625,
    "RecordingType": "continuous",
    "SEEGChannelCount": 232,
    "SamplingFrequency": 1024.0,
    "SoftwareFilters": {"Lowpass": 
        {"half-amplitude cutoff (Hz)": 512.0}
    },
    "SoftwareVersions": "NeuroWorks",
    "TaskDescription": "Participant passively listens     to 30-45s passages of conversational speech and     verbally answers a 2AC content question after each     passage. 6 blocks with 7 passages per block.",
    "TaskName": "PassiveListen",
    "TriggerChannelCount": 0,
    "iEEGGround": "scalp electrode, not included with data",
    "iEEGPlacementScheme": "11 depth with 16 contacts each, 4 depth with 14 contacts each",
    "iEEGReference": "scalp electrode, not included with data"
}